PATH
  remote: .
  specs:
    lucid-cumulus (0.11.2)
      aws-sdk (= 2.2.30)
      parse-cron (~> 0.1.4)

GEM
  remote: https://rubygems.org/
  specs:
    aws-sdk (2.2.30)
      aws-sdk-resources (= 2.2.30)
    aws-sdk-core (2.2.30)
      jmespath (~> 1.0)
    aws-sdk-resources (2.2.30)
      aws-sdk-core (= 2.2.30)
    jmespath (1.2)
      json (>= 1.8.1)
    json (1.8.3)
    parse-cron (0.1.4)
    rake (11.2.2)

PLATFORMS
  ruby

DEPENDENCIES
  lucid-cumulus!
  rake

BUNDLED WITH
   1.12.5
