GEM
  remote: https://rubygems.org/
  specs:
    aws-sdk (2.2.6)
      aws-sdk-resources (= 2.2.6)
    aws-sdk-core (2.2.6)
      jmespath (~> 1.0)
    aws-sdk-resources (2.2.6)
      aws-sdk-core (= 2.2.6)
    jmespath (1.1.3)
    parse-cron (0.1.4)

PLATFORMS
  ruby

DEPENDENCIES
  aws-sdk (= 2.2.6)
  parse-cron (~> 0.1.4)

BUNDLED WITH
   1.11.2
