GEM
  remote: https://rubygems.org/
  specs:
    aws-sdk (2.1.15)
      aws-sdk-resources (= 2.1.15)
    aws-sdk-core (2.1.15)
      jmespath (~> 1.0)
    aws-sdk-resources (2.1.15)
      aws-sdk-core (= 2.1.15)
    jmespath (1.1.3)
    parse-cron (0.1.4)

PLATFORMS
  ruby

DEPENDENCIES
  aws-sdk (= 2.1.15)
  parse-cron (~> 0.1.4)
